GEM
  remote: https://rubygems.org/
  specs:
    eventmachine (1.2.7)
    faye-websocket (0.10.9)
      eventmachine (>= 0.12.0)
      websocket-driver (>= 0.5.1)
    nio4r (2.5.2)
    puma (4.3.5)
      nio4r (~> 2.0)
    rack (2.2.6.3)
    rb-fsevent (0.10.4)
    sequel (5.33.0)
    sqlite3 (1.4.2)
    websocket-driver (0.7.2)
      websocket-extensions (>= 0.1.0)
    websocket-extensions (0.1.5)
    zeitwerk (2.3.0)

PLATFORMS
  ruby

DEPENDENCIES
  faye-websocket (~> 0.10.9)
  puma (~> 4.3, >= 4.3.5)
  rack (~> 2.2)
  rb-fsevent (~> 0.10.4)
  sequel (~> 5.33)
  sqlite3 (~> 1.4, >= 1.4.2)
  zeitwerk (~> 2.3)

BUNDLED WITH
   2.1.4
